PATH
  remote: .
  specs:
    turn (0.8.2.1)
      ansi (>= 1.2.2)

GEM
  remote: http://rubygems.org/
  specs:
    ansi (1.3.0)
    bones (3.7.1)
      little-plugger (>= 1.1.2)
      loquacious (>= 1.8.1)
      rake (>= 0.8.7)
    bones-git (1.2.4)
      bones (>= 3.6)
      git (>= 1.2.5)
    git (1.2.5)
    little-plugger (1.1.2)
    loquacious (1.9.0)
    rake (0.9.2)

PLATFORMS
  ruby

DEPENDENCIES
  bones (>= 3.6.5)
  bones-git (>= 1.2.4)
  turn!
